GIT
  remote: git://github.com/japetheape/http_status_exceptions.git
  revision: 99b37cbca57072be710da571d03e3e50483fbd6e
  specs:
    http_status_exceptions (0.2.1)
      actionpack (>= 3)
      rack (>= 1.2.1)

GIT
  remote: git://github.com/odorcicd/authlogic.git
  revision: a087ad0cba3c165ba22fcf176c28b6f7517931e8
  branch: rails3
  specs:
    authlogic (2.1.3)
      activesupport

GEM
  remote: http://rubygems.org/
  remote: http://gems.github.com/
  specs:
    abstract (1.0.0)
    actionmailer (3.0.7)
      actionpack (= 3.0.7)
      mail (~> 2.2.15)
    actionpack (3.0.7)
      activemodel (= 3.0.7)
      activesupport (= 3.0.7)
      builder (~> 2.1.2)
      erubis (~> 2.6.6)
      i18n (~> 0.5.0)
      rack (~> 1.2.1)
      rack-mount (~> 0.6.14)
      rack-test (~> 0.5.7)
      tzinfo (~> 0.3.23)
    activemodel (3.0.7)
      activesupport (= 3.0.7)
      builder (~> 2.1.2)
      i18n (~> 0.5.0)
    activerecord (3.0.7)
      activemodel (= 3.0.7)
      activesupport (= 3.0.7)
      arel (~> 2.0.2)
      tzinfo (~> 0.3.23)
    activeresource (3.0.7)
      activemodel (= 3.0.7)
      activesupport (= 3.0.7)
    activesupport (3.0.7)
    acts_as_list (0.1.2)
    ancestry (1.2.3)
      activerecord (>= 2.2.2)
    archive-tar-minitar (0.5.2)
    arel (2.0.9)
    awesome_print (0.3.2)
    bluecloth (2.0.9)
    builder (2.1.2)
    closure-compiler (0.3.3)
    columnize (0.3.2)
    default_value_for (1.0.1)
    diff-lcs (1.1.2)
    erubis (2.6.6)
      abstract (>= 1.0.0)
    factory_girl (1.3.2)
    formtastic (1.2.2)
      actionpack (>= 2.3.7)
      activesupport (>= 2.3.7)
      i18n (>= 0.4.0)
    haml (3.1.1)
    hirb (0.4.5)
    hoptoad_notifier (2.4.2)
      activesupport
      builder
    i18n (0.5.0)
    i18n-js (1.0.2)
      i18n
    jammit (0.5.4)
      closure-compiler (>= 0.1.0)
      yui-compressor (>= 0.9.1)
    jquery-rails (0.2.5)
      rails (~> 3.0)
      thor (~> 0.14.4)
    linecache19 (0.5.11)
      ruby_core_source (>= 0.1.4)
    mail (2.2.19)
      activesupport (>= 2.3.6)
      i18n (>= 0.4.0)
      mime-types (~> 1.16)
      treetop (~> 1.4.8)
    memcache-client (1.8.5)
    mime-types (1.16)
    mysql2 (0.2.6)
    nokogiri (1.4.4)
    paper_trail (1.6.4)
      actionpack (>= 2.3)
      activerecord (>= 2.3)
    paperclip (2.3.8)
      activerecord
      activesupport
    polyglot (0.3.1)
    rack (1.2.2)
    rack-mount (0.6.14)
      rack (>= 1.0.0)
    rack-sprockets (1.0.4)
      rack (>= 0.4)
      sprockets (>= 1.0.0)
    rack-test (0.5.7)
      rack (>= 1.0)
    rails (3.0.7)
      actionmailer (= 3.0.7)
      actionpack (= 3.0.7)
      activerecord (= 3.0.7)
      activeresource (= 3.0.7)
      activesupport (= 3.0.7)
      bundler (~> 1.0)
      railties (= 3.0.7)
    railties (3.0.7)
      actionpack (= 3.0.7)
      activesupport (= 3.0.7)
      rake (>= 0.8.7)
      thor (~> 0.14.4)
    rake (0.8.7)
    riddle (1.2.1)
    rspec (2.1.0)
      rspec-core (~> 2.1.0)
      rspec-expectations (~> 2.1.0)
      rspec-mocks (~> 2.1.0)
    rspec-core (2.1.0)
    rspec-expectations (2.1.0)
      diff-lcs (~> 1.1.2)
    rspec-mocks (2.1.0)
    rspec-rails (2.1.0)
      rspec (~> 2.1.0)
    ruby-debug-base19 (0.11.24)
      columnize (>= 0.3.1)
      linecache19 (>= 0.5.11)
      ruby_core_source (>= 0.1.4)
    ruby-debug19 (0.11.6)
      columnize (>= 0.3.1)
      linecache19 (>= 0.5.11)
      ruby-debug-base19 (>= 0.11.19)
    ruby_core_source (0.1.4)
      archive-tar-minitar (>= 0.5.2)
    rubyzip (0.9.4)
    sass (3.1.1)
    simplecov (0.4.2)
      simplecov-html (~> 0.4.4)
    simplecov-html (0.4.4)
    sprockets (1.0.2)
    sprockets-rails (0.0.1)
      sprockets (>= 1.0.2)
    thinking-sphinx (2.0.1)
      activerecord (>= 3.0.3)
      riddle (>= 1.2.1)
    thor (0.14.6)
    treetop (1.4.9)
      polyglot (>= 0.3.1)
    tzinfo (0.3.27)
    watchr (0.7)
    webrat (0.7.2)
      nokogiri (>= 1.2.0)
      rack (>= 1.0)
      rack-test (>= 0.5.3)
    yard (0.5.4)
    yui-compressor (0.9.1)

PLATFORMS
  ruby

DEPENDENCIES
  acts_as_list
  ancestry (~> 1.2.3)
  authlogic!
  awesome_print
  bluecloth
  default_value_for
  factory_girl (>= 1.2.3)
  formtastic
  haml (~> 3.1.1)
  hirb
  hoptoad_notifier (= 2.4.2)
  http_status_exceptions!
  i18n-js
  jammit
  jquery-rails
  memcache-client
  mysql2
  paper_trail (>= 1.6.4)
  paperclip (>= 2.3.8)
  rack-sprockets
  rails (= 3.0.7)
  rspec-rails (~> 2.1.0)
  ruby-debug19
  rubyzip (= 0.9.4)
  sass (~> 3.1.1)
  simplecov
  sprockets
  sprockets-rails
  thinking-sphinx (>= 2.0.1)
  watchr
  webrat
  yard (= 0.5.4)
  yui-compressor
